PATH
  remote: .
  specs:
    post-it (0.0.2)
      methadone (~> 1.2.1)

GEM
  remote: https://rubygems.org/
  specs:
    aruba (0.5.0)
      childprocess (= 0.2.3)
      cucumber (>= 1.1.1)
      ffi (>= 1.0.11)
      rspec-expectations (>= 2.7.0)
    builder (3.1.3)
    childprocess (0.2.3)
      ffi (~> 1.0.6)
    cucumber (1.2.1)
      builder (>= 2.1.2)
      diff-lcs (>= 1.1.3)
      gherkin (~> 2.11.0)
      json (>= 1.4.6)
    diff-lcs (1.1.3)
    ffi (1.0.11)
    gherkin (2.11.4)
      json (>= 1.4.6)
    json (1.7.5)
    methadone (1.2.1)
      bundler
    rake (0.9.2.2)
    rdoc (3.12)
      json (~> 1.4)
    rspec-expectations (2.11.3)
      diff-lcs (~> 1.1.3)

PLATFORMS
  ruby

DEPENDENCIES
  aruba
  post-it!
  rake (~> 0.9.2)
  rdoc
